GIT
  remote: https://github.com/chef/chef_secrets
  revision: 3ada796f85085bc3d6777f0bc355ce9345db7adf
  specs:
    veil (0.3.0)
      bcrypt (~> 3.1)
      pbkdf2

GEM
  remote: http://rubygems.org/
  specs:
    addressable (2.8.3)
      public_suffix (>= 2.0.2, < 6.0)
    amqp (0.6.7)
      eventmachine (>= 0.12.4)
    bcrypt (3.1.11)
    bunny (0.6.0)
    cookiejar (0.3.3)
    em-http-request (1.1.7)
      addressable (>= 2.3.4)
      cookiejar (!= 0.3.1)
      em-socksify (>= 0.3)
      eventmachine (>= 1.0.3)
      http_parser.rb (>= 0.6.0)
    em-socksify (0.3.2)
      eventmachine (>= 1.0.0.beta.4)
    eventmachine (1.2.7)
    fast_xs (0.7.3)
    highline (1.6.21)
    http_parser.rb (0.8.0)
    mixlib-log (1.1.0)
    pbkdf2 (0.1.0)
    public_suffix (5.0.1)
    rake (12.3.3)
    rspec (1.3.2)
    uuidtools (2.1.5)
    word-salad (1.0.0)
    yajl-ruby (1.4.3)

PLATFORMS
  ruby

DEPENDENCIES
  amqp (~> 0.6.7)
  bunny (~> 0.6.0)
  em-http-request (~> 1.1.6)
  eventmachine (~> 1.2.0)
  fast_xs (~> 0.7.3)
  highline (~> 1.6.1)
  mixlib-log (~> 1.1.0)
  rake (~> 12.3.3)
  rspec (~> 1.3.0)
  uuidtools (~> 2.1.1)
  veil!
  word-salad (~> 1.0.0)
  yajl-ruby (~> 1.4.2)

BUNDLED WITH
   1.17.3
